GIT
  remote: git://github.com/adambeynon/opal-router.git
  revision: bc8c242510794ecbb842b52423732f2ec55c2a1e
  specs:
    opal-router (0.0.1)
      opal (>= 0.3.44)

GIT
  remote: git://github.com/opal/opal-haml.git
  revision: c272e95e84caaf0aba5f8b7fbd8ff77b9aeeaba9
  specs:
    opal-haml (0.4.5)
      haml
      opal (~> 0.10, < 0.12)
      opal-sprockets (~> 0.4.1)

GIT
  remote: git://github.com/youchan/opal-websocket.git
  revision: 03dc38d26de66cc6a0ec329c7546735949f292bd
  specs:
    opal-websocket (0.1.0)

GEM
  remote: https://rubygems.org/
  specs:
    addressable (2.5.2)
      public_suffix (>= 2.0.2, < 4.0)
    ast (2.4.0)
    backports (3.11.3)
    concurrent-ruby (1.0.5)
    daemons (1.2.6)
    em-websocket (0.3.8)
      addressable (>= 2.1.1)
      eventmachine (>= 0.12.9)
    eventmachine (1.2.7)
    ffi (1.9.25)
    fssm (0.2.10)
    gibier (0.8.14)
      eventmachine
      fssm
      haml
      opal
      rack (~> 1.6)
      redcarpet
      rouge (~> 1.10)
      sass
      sinatra
      sinatra-contrib
      sinatra-websocket
      thin
      thor
      unindent
    haml (5.0.4)
      temple (>= 0.8.0)
      tilt
    hike (1.2.3)
    hyalite (0.2.7)
      opal
    multi_json (1.13.1)
    opal (0.11.0)
      ast (>= 2.3.0)
      hike (~> 1.2)
      parser (= 2.3.3.1)
      sourcemap (~> 0.1.0)
    opal-sprockets (0.4.1.0.11.0.3.1)
      opal (~> 0.11.0)
      sprockets (~> 3.1)
      tilt (>= 1.4)
    parser (2.3.3.1)
      ast (~> 2.2)
    public_suffix (3.0.2)
    rack (1.6.10)
    rack-protection (1.5.5)
      rack
    rack-test (1.0.0)
      rack (>= 1.0, < 3)
    rb-fsevent (0.10.3)
    rb-inotify (0.9.10)
      ffi (>= 0.5.0, < 2)
    redcarpet (3.4.0)
    rouge (1.11.1)
    sass (3.5.6)
      sass-listen (~> 4.0.0)
    sass-listen (4.0.0)
      rb-fsevent (~> 0.9, >= 0.9.4)
      rb-inotify (~> 0.9, >= 0.9.7)
    sinatra (1.4.8)
      rack (~> 1.5)
      rack-protection (~> 1.4)
      tilt (>= 1.3, < 3)
    sinatra-contrib (1.4.7)
      backports (>= 2.0)
      multi_json
      rack-protection
      rack-test
      sinatra (~> 1.4.0)
      tilt (>= 1.3, < 3)
    sinatra-websocket (0.3.1)
      em-websocket (~> 0.3.6)
      eventmachine
      thin (>= 1.3.1, < 2.0.0)
    sourcemap (0.1.1)
    sprockets (3.7.1)
      concurrent-ruby (~> 1.0)
      rack (> 1, < 3)
    temple (0.8.0)
    thin (1.7.2)
      daemons (~> 1.0, >= 1.0.9)
      eventmachine (~> 1.0, >= 1.0.4)
      rack (>= 1, < 3)
    thor (0.20.0)
    tilt (2.0.8)
    unindent (1.0)

PLATFORMS
  ruby

DEPENDENCIES
  gibier
  hyalite
  opal-haml!
  opal-router!
  opal-websocket!

BUNDLED WITH
   1.16.1
