GIT
  remote: git://github.com/adambeynon/opal-router.git
  revision: bc8c242510794ecbb842b52423732f2ec55c2a1e
  specs:
    opal-router (0.0.1)
      opal (>= 0.3.44)

GIT
  remote: git://github.com/opal/opal-haml.git
  revision: 25a6ed3cbdfc6ce546bca7ec51d5293b64f00be6
  specs:
    opal-haml (0.4.2)
      haml
      opal (~> 0.10.0)

PATH
  remote: ../hyaslide
  specs:
    hyaslide (0.5.1)
      eventmachine
      fssm
      haml
      rack (~> 1.6)
      redcarpet
      rouge (~> 1.10)
      sass
      sinatra
      sinatra-contrib
      thin
      thor
      unindent

GEM
  remote: https://rubygems.org/
  specs:
    backports (3.6.8)
    concurrent-ruby (1.0.2)
    daemons (1.2.4)
    eventmachine (1.2.0.1)
    fssm (0.2.10)
    haml (4.0.7)
      tilt
    hike (1.2.3)
    hyalite (0.0.3)
      opal
      opal-browser
    multi_json (1.12.1)
    opal (0.10.3)
      hike (~> 1.2)
      sourcemap (~> 0.1.0)
      sprockets (~> 3.1)
      tilt (>= 1.4)
    opal-browser (0.2.0)
      opal
      paggio
    paggio (0.2.6)
    rack (1.6.4)
    rack-protection (1.5.3)
      rack
    rack-test (0.6.3)
      rack (>= 1.0)
    redcarpet (3.3.4)
    rouge (1.11.1)
    sass (3.4.22)
    sinatra (1.4.7)
      rack (~> 1.5)
      rack-protection (~> 1.4)
      tilt (>= 1.3, < 3)
    sinatra-contrib (1.4.7)
      backports (>= 2.0)
      multi_json
      rack-protection
      rack-test
      sinatra (~> 1.4.0)
      tilt (>= 1.3, < 3)
    sourcemap (0.1.1)
    sprockets (3.7.0)
      concurrent-ruby (~> 1.0)
      rack (> 1, < 3)
    thin (1.7.0)
      daemons (~> 1.0, >= 1.0.9)
      eventmachine (~> 1.0, >= 1.0.4)
      rack (>= 1, < 3)
    thor (0.19.1)
    tilt (2.0.5)
    unindent (1.0)

PLATFORMS
  ruby

DEPENDENCIES
  hyalite
  hyaslide!
  opal-browser
  opal-haml!
  opal-router!

BUNDLED WITH
   1.13.6
